GEM
  remote: https://rubygems.org/
  specs:
    little-plugger (1.1.3)
    logging (1.8.1)
      little-plugger (>= 1.1.3)
      multi_json (>= 1.3.6)
    multi_json (1.7.1)
    plist (3.1.0)

PLATFORMS
  ruby

DEPENDENCIES
  logging
  plist
